PATH
  remote: .
  specs:
    bcrypt (3.1.10)

GEM
  remote: https://rubygems.org/
  specs:
    diff-lcs (1.2.5)
    json (1.8.2)
    json (1.8.2-java)
    rake (10.4.2)
    rake-compiler (0.9.5)
      rake
    rdoc (3.12.2)
      json (~> 1.4)
    rspec (3.1.0)
      rspec-core (~> 3.1.0)
      rspec-expectations (~> 3.1.0)
      rspec-mocks (~> 3.1.0)
    rspec-core (3.1.7)
      rspec-support (~> 3.1.0)
    rspec-expectations (3.1.2)
      diff-lcs (>= 1.2.0, < 2.0)
      rspec-support (~> 3.1.0)
    rspec-mocks (3.1.3)
      rspec-support (~> 3.1.0)
    rspec-support (3.1.2)

PLATFORMS
  java
  ruby
  x64-mingw32
  x86-mingw32

DEPENDENCIES
  bcrypt!
  rake-compiler (~> 0.9.2)
  rdoc (~> 3.12)
  rspec (>= 3)
