PATH
  remote: .
  specs:
    bcrypt (3.1.2)

GEM
  remote: https://rubygems.org/
  specs:
    diff-lcs (1.2.5)
    json (1.8.1)
    json (1.8.1-java)
    rake (10.1.0)
    rake-compiler (0.9.2)
      rake
    rdoc (4.0.1)
      json (~> 1.4)
    rspec (2.14.1)
      rspec-core (~> 2.14.0)
      rspec-expectations (~> 2.14.0)
      rspec-mocks (~> 2.14.0)
    rspec-core (2.14.7)
    rspec-expectations (2.14.4)
      diff-lcs (>= 1.1.3, < 2.0)
    rspec-mocks (2.14.4)

PLATFORMS
  java
  ruby

DEPENDENCIES
  bcrypt!
  rake-compiler (~> 0.9.0)
  rdoc
  rspec
